PATH
  remote: .
  specs:
    s3_uri (0.1.0)
      aws-sdk-s3 (~> 1)

GEM
  remote: https://rubygems.org/
  specs:
    aws-eventstream (1.0.1)
    aws-partitions (1.141.0)
    aws-sdk-core (3.46.2)
      aws-eventstream (~> 1.0)
      aws-partitions (~> 1.0)
      aws-sigv4 (~> 1.0)
      jmespath (~> 1.0)
    aws-sdk-kms (1.13.0)
      aws-sdk-core (~> 3, >= 3.39.0)
      aws-sigv4 (~> 1.0)
    aws-sdk-s3 (1.30.1)
      aws-sdk-core (~> 3, >= 3.39.0)
      aws-sdk-kms (~> 1)
      aws-sigv4 (~> 1.0)
    aws-sigv4 (1.0.3)
    jmespath (1.4.0)
    rake (10.5.0)

PLATFORMS
  ruby

DEPENDENCIES
  bundler (~> 2.0)
  rake (~> 10.0)
  s3_uri!

BUNDLED WITH
   2.0.1
